GEM
  remote: https://rubygems.org/
  specs:
    minitest (5.10.2)
    rake (12.0.0)

PLATFORMS
  ruby

DEPENDENCIES
  minitest (~> 5.10.2)
  rake

RUBY VERSION
   ruby 2.4.1p111

BUNDLED WITH
   1.15.4
